GEM
  remote: https://rubygems.org/
  specs:
    backports (3.3.5)
    dalli (2.6.4)
    dotenv (0.9.0)
    erubis (2.7.0)
    foreman (0.63.0)
      dotenv (>= 0.7)
      thor (>= 0.13.6)
    json (1.8.0)
    kgio (2.8.1)
    multi_json (1.8.2)
    mysql2 (0.3.13)
    mysql2-cs-bind (0.0.6)
      mysql2
    rack (1.5.2)
    rack-protection (1.5.0)
      rack
    rack-test (0.6.2)
      rack (>= 1.0)
    raindrops (0.12.0)
    redcarpet (3.0.0)
    shotgun (0.9)
      rack (>= 1.0)
    sinatra (1.4.3)
      rack (~> 1.4)
      rack-protection (~> 1.4)
      tilt (~> 1.3, >= 1.3.4)
    sinatra-contrib (1.4.1)
      backports (>= 2.0)
      multi_json
      rack-protection
      rack-test
      sinatra (~> 1.4.0)
      tilt (~> 1.3)
    thor (0.18.1)
    tilt (1.4.1)
    unicorn (4.6.3)
      kgio (~> 2.6)
      rack
      raindrops (~> 0.7)

PLATFORMS
  ruby

DEPENDENCIES
  dalli (= 2.6.4)
  erubis (= 2.7.0)
  foreman (= 0.63.0)
  json (= 1.8.0)
  mysql2 (= 0.3.13)
  mysql2-cs-bind (= 0.0.6)
  redcarpet
  shotgun
  sinatra (= 1.4.3)
  sinatra-contrib
  unicorn (= 4.6.3)
